GEM
  remote: https://rubygems.org/
  specs:
    codecov (0.2.6)
      colorize
      json
      simplecov
    colorize (0.8.1)
    docile (1.3.2)
    json (2.3.1)
    simplecov (0.19.0)
      docile (~> 1.1)
      simplecov-html (~> 0.11)
    simplecov-html (0.12.2)

PLATFORMS
  ruby

DEPENDENCIES
  codecov

BUNDLED WITH
   2.1.2
