GEM
  remote: https://rubygems.org/
  specs:
    cantor (1.2.1)
    stupidedi (1.4.0)
      cantor (~> 1.2.1)
      term-ansicolor (~> 1.3)
    term-ansicolor (1.7.1)
      tins (~> 1.0)
    tins (1.20.2)

PLATFORMS
  ruby

DEPENDENCIES
  stupidedi

BUNDLED WITH
   2.1.4
