PATH
  remote: ../gems/ruby-0.0.0@gemset/gems/my_gem-0.0.0
  specs:
    my_gem (0.0.0)

GEM
  specs:

PLATFORMS
  ruby

DEPENDENCIES
  my_gem!

BUNDLED WITH
   2.1.4
