PATH
  remote: .
  specs:
    bad-gem (0.0.0)

GEM
  specs:

PLATFORMS
  ruby

DEPENDENCIES
  bad-gem!

BUNDLED WITH
   2.1.4
