PATH
  remote: ../gems/0.0.0/gems/parlour-0.0.0
  specs:
    parlour (0.0.0)

GEM
  specs:

PLATFORMS
  ruby

DEPENDENCIES
  parlour!

BUNDLED WITH
   2.1.4
