PATH
  remote: ../gems/0.0.0/gems/parlour-0.0.0
  specs:
    parlour (0.0.0)

PATH
  remote: ../gems/0.0.0/gems/tapioca-0.0.0
  specs:
    tapioca (0.0.0)

GEM
  specs:

PLATFORMS
  ruby

DEPENDENCIES
  parlour!
  tapioca!

BUNDLED WITH
   2.1.4
